GEM
  specs:
    unix-crypt (1.3.0)

PLATFORMS
  ruby

DEPENDENCIES
  unix-crypt

BUNDLED WITH
   2.0.2
